GEM
  remote: https://rubygems.org/
  specs:
    activesupport (4.0.0)
      i18n (~> 0.6, >= 0.6.4)
      minitest (~> 4.2)
      multi_json (~> 1.3)
      thread_safe (~> 0.1)
      tzinfo (~> 0.3.37)
    atomic (1.1.14)
    crack (0.4.1)
      safe_yaml (~> 0.9.0)
    fastercsv (1.5.5)
    hipchat-api (1.0.5)
      httparty
    httparty (0.12.0)
      json (~> 1.8)
      multi_xml (>= 0.5.2)
    i18n (0.6.5)
    json (1.8.1)
    logger (1.2.8)
    minitest (4.7.5)
    multi_json (1.8.2)
    multi_xml (0.5.5)
    safe_yaml (0.9.7)
    sms_fu (1.1.2)
    thread_safe (0.1.3)
      atomic
    tzinfo (0.3.38)
    zendesk-api (0.3.4)
      activesupport (>= 2.3)
      crack (>= 0.1.8)

PLATFORMS
  ruby

DEPENDENCIES
  fastercsv (~> 1.5.5)
  hipchat-api (~> 1.0.5)
  httparty (~> 0.12.0)
  logger (~> 1.2.8)
  sms_fu (~> 1.1.2)
  zendesk-api (~> 0.3.4)
